GEM
  remote: https://rubygems.org/
  specs:
    ast (2.4.1)
    concurrent-ruby (1.1.7)
    gettext (3.3.6)
      locale (>= 2.0.5)
      text (>= 1.3.0)
    io-console (0.5.6)
    irb (1.2.7)
      reline (>= 0.1.5)
    kwalify (0.7.2)
    liquid (4.0.3)
    locale (2.1.3)
    mustermann (1.1.1)
      ruby2_keywords (~> 0.0.1)
    nio4r (2.5.4)
    parallel (1.20.0)
    parser (2.7.2.0)
      ast (~> 2.4.1)
    psych (3.2.0)
    puma (5.0.4)
      nio4r (~> 2.0)
    rack (2.2.3)
    rack-protection (2.1.0)
      rack
    rainbow (3.0.0)
    rdoc (6.2.1)
    reek (6.0.2)
      kwalify (~> 0.7.0)
      parser (>= 2.5.0.0, < 2.8, != 2.5.1.1)
      psych (~> 3.1)
      rainbow (>= 2.0, < 4.0)
    regexp_parser (1.8.2)
    reline (0.1.8)
      io-console (~> 0.5)
    rexml (3.2.4)
    rubocop (1.2.0)
      parallel (~> 1.10)
      parser (>= 2.7.1.5)
      rainbow (>= 2.2.2, < 4.0)
      regexp_parser (>= 1.8)
      rexml
      rubocop-ast (>= 1.0.1)
      ruby-progressbar (~> 1.7)
      unicode-display_width (>= 1.4.0, < 2.0)
    rubocop-ast (1.1.1)
      parser (>= 2.7.1.5)
    ruby-progressbar (1.10.1)
    ruby2_keywords (0.0.2)
    sequel (5.38.0)
    sinatra (2.1.0)
      mustermann (~> 1.0)
      rack (~> 2.2)
      rack-protection (= 2.1.0)
      tilt (~> 2.0)
    solargraph (0.13.2)
      bundler
      parser (~> 2.4)
      puma
      sinatra (~> 2)
      thor (~> 0.19, >= 0.19.4)
      yard (~> 0.9)
    sqlite3 (1.4.2)
    text (1.3.1)
    thor (0.20.3)
    tilt (2.0.10)
    unicode-display_width (1.7.0)
    yard (0.9.25)

PLATFORMS
  ruby

DEPENDENCIES
  concurrent-ruby
  gettext (~> 3.3)
  irb (~> 1.2)
  liquid (~> 4.0)
  locale (~> 2.1)
  rdoc (~> 6.2)
  reek (~> 6.0)
  rubocop (~> 1.1)
  sequel (~> 5.38)
  solargraph (~> 0.13.2)
  sqlite3 (~> 1.4)
  yard (~> 0.9.25)

BUNDLED WITH
   2.1.4
